PATH
  remote: .
  specs:
    agcaldav (0.2.5.5)
      builder
      icalendar (~> 1.5)
      net-http-digest_auth
      uuid

GEM
  remote: https://rubygems.org/
  specs:
    builder (3.2.3)
    diff-lcs (1.3)
    fakeweb (1.3.0)
    icalendar (1.5.4)
    macaddr (1.7.1)
      systemu (~> 2.6.2)
    net-http-digest_auth (1.4.1)
    rspec (3.7.0)
      rspec-core (~> 3.7.0)
      rspec-expectations (~> 3.7.0)
      rspec-mocks (~> 3.7.0)
    rspec-core (3.7.0)
      rspec-support (~> 3.7.0)
    rspec-expectations (3.7.0)
      diff-lcs (>= 1.2.0, < 2.0)
      rspec-support (~> 3.7.0)
    rspec-mocks (3.7.0)
      diff-lcs (>= 1.2.0, < 2.0)
      rspec-support (~> 3.7.0)
    rspec-support (3.7.0)
    systemu (2.6.5)
    uuid (2.3.8)
      macaddr (~> 1.0)

PLATFORMS
  x64-mingw32

DEPENDENCIES
  agcaldav!
  fakeweb
  rspec

BUNDLED WITH
   1.16.0
